GEM
  remote: http://rubygems.org/
  specs:
    bunny (0.6.0)
    chef (0.10.2)
      bunny (>= 0.6.0)
      erubis
      highline
      json (>= 1.4.4, <= 1.5.2)
      mixlib-authentication (>= 1.1.0)
      mixlib-cli (>= 1.1.0)
      mixlib-config (>= 1.1.2)
      mixlib-log (>= 1.3.0)
      moneta
      net-ssh (~> 2.1.3)
      net-ssh-multi (~> 1.0.1)
      ohai (>= 0.6.0)
      rest-client (>= 1.0.4, < 1.7.0)
      treetop (~> 1.4.9)
      uuidtools
    erubis (2.7.0)
    highline (1.6.2)
    json (1.5.2)
    mime-types (1.16)
    mixlib-authentication (1.1.4)
      mixlib-log
    mixlib-cli (1.2.0)
    mixlib-config (1.1.2)
    mixlib-log (1.3.0)
    moneta (0.6.0)
    mysql2 (0.2.7)
    net-ssh (2.1.4)
    net-ssh-gateway (1.1.0)
      net-ssh (>= 1.99.1)
    net-ssh-multi (1.0.1)
      net-ssh (>= 1.99.2)
      net-ssh-gateway (>= 0.99.0)
    nokogiri (1.5.0)
    ohai (0.6.4)
      mixlib-cli
      mixlib-config
      mixlib-log
      systemu
      yajl-ruby
    polyglot (0.3.1)
    rack (1.3.0)
    redis (2.2.1)
    redis-namespace (1.0.3)
      redis (< 3.0.0)
    resque (1.17.1)
      json (>= 1.4.6, < 1.6)
      redis-namespace (~> 1.0.2)
      sinatra (>= 0.9.2)
      vegas (~> 0.1.2)
    rest-client (1.6.3)
      mime-types (>= 1.16)
    right_aws (2.1.0)
      right_http_connection (>= 1.2.5)
    right_http_connection (1.3.0)
    sinatra (1.2.6)
      rack (~> 1.1)
      tilt (>= 1.2.2, < 2.0)
    systemu (2.2.0)
    tilt (1.3.2)
    treetop (1.4.9)
      polyglot (>= 0.3.1)
    uuidtools (2.1.2)
    vegas (0.1.8)
      rack (>= 1.0.0)
    yajl-ruby (0.8.2)
    zzsharedlib (0.0.7)
      json (>= 1.4.4, <= 1.5.2)
      right_aws (< 3.0.0)

PLATFORMS
  ruby

DEPENDENCIES
  chef (>= 0.10.2)
  mysql2 (~> 0.2.7)
  nokogiri
  resque
  zzsharedlib (~> 0.0.7)
